PATH
  remote: .
  specs:
    bigcartel-builder (0.0.1)
      activesupport (~> 3.2.6)
      better_errors
      bundler (~> 1.1)
      httparty (~> 0.10.0)
      liquid (~> 2.4.1)
      rack (~> 1.4.1)
      sprockets (~> 2.0)

GEM
  remote: http://rubygems.org/
  specs:
    activesupport (3.2.12)
      i18n (~> 0.6)
      multi_json (~> 1.0)
    better_errors (0.5.0)
      coderay (>= 1.0.0)
      erubis (>= 2.6.6)
    coderay (1.0.8)
    erubis (2.7.0)
    hike (1.2.1)
    httparty (0.10.2)
      multi_json (~> 1.0)
      multi_xml (>= 0.5.2)
    i18n (0.6.1)
    liquid (2.4.1)
    multi_json (1.5.1)
    multi_xml (0.5.3)
    rack (1.4.5)
    sprockets (2.8.2)
      hike (~> 1.2)
      multi_json (~> 1.0)
      rack (~> 1.0)
      tilt (~> 1.1, != 1.3.0)
    tilt (1.3.3)

PLATFORMS
  ruby

DEPENDENCIES
  bigcartel-builder!
