PATH
  remote: .
  specs:
    bigcartel-builder (0.0.1)
      activesupport (~> 3.2.6)
      bundler (~> 1.1)
      httparty (~> 0.10.0)
      liquid (~> 2.4.1)
      rack (~> 1.4.1)
      sprockets (~> 2.0)

GEM
  remote: http://rubygems.org/
  specs:
    activesupport (3.2.11)
      i18n (~> 0.6)
      multi_json (~> 1.0)
    hike (1.2.1)
    httparty (0.10.0)
      multi_json (~> 1.0)
      multi_xml
    i18n (0.6.1)
    liquid (2.4.1)
    multi_json (1.5.0)
    multi_xml (0.5.2)
    rack (1.4.4)
    sprockets (2.8.2)
      hike (~> 1.2)
      multi_json (~> 1.0)
      rack (~> 1.0)
      tilt (~> 1.1, != 1.3.0)
    tilt (1.3.3)

PLATFORMS
  ruby

DEPENDENCIES
  bigcartel-builder!
