PATH
  remote: .
  specs:
    dugway (0.0.1)
      activesupport (~> 3.2.6)
      better_errors
      bundler (~> 1.1)
      coffee-script (~> 2.2.0)
      httparty (~> 0.10.0)
      less (~> 2.2.2)
      liquid (~> 2.4.1)
      rack (~> 1.4.1)
      sass (~> 3.2.5)
      sprockets (~> 2.0)
      therubyracer (~> 0.11.3)

GEM
  remote: http://rubygems.org/
  specs:
    activesupport (3.2.12)
      i18n (~> 0.6)
      multi_json (~> 1.0)
    better_errors (0.6.0)
      coderay (>= 1.0.0)
      erubis (>= 2.6.6)
    coderay (1.0.8)
    coffee-script (2.2.0)
      coffee-script-source
      execjs
    coffee-script-source (1.4.0)
    commonjs (0.2.6)
    erubis (2.7.0)
    execjs (1.4.0)
      multi_json (~> 1.0)
    hike (1.2.1)
    httparty (0.10.2)
      multi_json (~> 1.0)
      multi_xml (>= 0.5.2)
    i18n (0.6.1)
    less (2.2.2)
      commonjs (~> 0.2.6)
    libv8 (3.11.8.13)
    liquid (2.4.1)
    multi_json (1.6.1)
    multi_xml (0.5.3)
    rack (1.4.5)
    ref (1.0.2)
    sass (3.2.5)
    sprockets (2.8.2)
      hike (~> 1.2)
      multi_json (~> 1.0)
      rack (~> 1.0)
      tilt (~> 1.1, != 1.3.0)
    therubyracer (0.11.3)
      libv8 (~> 3.11.8.12)
      ref
    tilt (1.3.3)

PLATFORMS
  ruby

DEPENDENCIES
  dugway!
